GIT
  remote: https://github.com/aleksandarmilicevic/method_source.git
  revision: c3e49bd036fe8f885e358dc03d687b52a2291b8e
  specs:
    method_source (0.8.3.1)

GEM
  remote: http://rubygems.org/
  specs:
    ast (2.2.0)
    coderay (1.1.1)
    nilio (1.0.0)
    parser (2.1.9)
      ast (>= 1.1, < 3.0)
      slop (~> 3.4, >= 3.4.5)
    pry (0.10.3)
      coderay (~> 1.1.0)
      method_source (~> 0.8.1)
      slop (~> 3.4)
    slop (3.6.0)

PLATFORMS
  ruby

DEPENDENCIES
  method_source (~> 0.8.3)!
  nilio
  parser (~> 2.1.9)
  pry

BUNDLED WITH
   1.11.2
